GEM
  remote: http://rubygems.org/
  specs:
    ZenTest (4.9.2)
    activemodel (3.2.14)
      activesupport (= 3.2.14)
      builder (~> 3.0.0)
    activerecord (3.2.14)
      activemodel (= 3.2.14)
      activesupport (= 3.2.14)
      arel (~> 3.0.2)
      tzinfo (~> 0.3.29)
    activesupport (3.2.14)
      i18n (~> 0.6, >= 0.6.4)
      multi_json (~> 1.0)
    arel (3.0.2)
    autotest-growl (0.2.16)
    builder (3.0.4)
    i18n (0.6.4)
    minitest (5.0.6)
    multi_json (1.7.7)
    rake (10.1.0)
    sqlite3 (1.3.7)
    tzinfo (0.3.37)

PLATFORMS
  ruby

DEPENDENCIES
  ZenTest
  activerecord (~> 3.2)
  activerecord-jdbcsqlite3-adapter
  activesupport (~> 3.2)
  autotest-growl
  minitest
  rake
  sqlite3
